GEM
  remote: https://rubygems.org/
  specs:
    activesupport (4.2.5)
      i18n (~> 0.7)
      json (~> 1.7, >= 1.7.7)
      minitest (~> 5.1)
      thread_safe (~> 0.3, >= 0.3.4)
      tzinfo (~> 1.1)
    awesome_print (1.6.1)
    aws-sdk (2.2.9)
      aws-sdk-resources (= 2.2.9)
    aws-sdk-core (2.2.9)
      jmespath (~> 1.0)
    aws-sdk-resources (2.2.9)
      aws-sdk-core (= 2.2.9)
    aws-sdk-v1 (1.66.0)
      json (~> 1.4)
      nokogiri (>= 1.4.4)
    builder (3.2.2)
    byebug (8.2.1)
    cause (0.1)
    childprocess (0.5.9)
      ffi (~> 1.0, >= 1.0.11)
    cucumber (2.2.0)
      builder (>= 2.1.2)
      cucumber-core (~> 1.3.0)
      cucumber-wire (~> 0.0.1)
      diff-lcs (>= 1.1.3)
      event-bus (~> 0.1.0)
      gherkin3 (~> 3.1.0)
      multi_json (>= 1.7.5, < 2.0)
      multi_test (>= 0.1.2)
    cucumber-core (1.3.1)
      gherkin3 (~> 3.1.0)
    cucumber-wire (0.0.1)
    diff-lcs (1.2.5)
    erubis (2.7.0)
    event-bus (0.1.0)
    fake_dynamo (0.2.5)
      activesupport
      json
      sinatra
    fake_sqs (0.3.1)
      builder
      sinatra
    fakes3 (0.2.3)
      builder
      thor
    ffi (1.9.10)
    gherkin3 (3.1.2)
    httparty (0.13.7)
      json (~> 1.8)
      multi_xml (>= 0.5.2)
    i18n (0.7.0)
    influxdb (0.2.3)
      cause
      json
    jmespath (1.1.3)
    json (1.8.3)
    json_spec (1.1.4)
      multi_json (~> 1.0)
      rspec (>= 2.0, < 4.0)
    mini_portile2 (2.0.0)
    minitest (5.8.3)
    multi_json (1.11.2)
    multi_test (0.1.2)
    multi_xml (0.5.5)
    nokogiri (1.6.7.1)
      mini_portile2 (~> 2.0.0.rc2)
    rack (1.6.4)
    rack-protection (1.5.3)
      rack
    rspec (3.4.0)
      rspec-core (~> 3.4.0)
      rspec-expectations (~> 3.4.0)
      rspec-mocks (~> 3.4.0)
    rspec-core (3.4.1)
      rspec-support (~> 3.4.0)
    rspec-expectations (3.4.0)
      diff-lcs (>= 1.2.0, < 2.0)
      rspec-support (~> 3.4.0)
    rspec-mocks (3.4.0)
      diff-lcs (>= 1.2.0, < 2.0)
      rspec-support (~> 3.4.0)
    rspec-support (3.4.1)
    sinatra (1.4.6)
      rack (~> 1.4)
      rack-protection (~> 1.4)
      tilt (>= 1.3, < 3)
    thor (0.19.1)
    thread_safe (0.3.5)
    tilt (2.0.2)
    tzinfo (1.2.2)
      thread_safe (~> 0.1)

PLATFORMS
  ruby

DEPENDENCIES
  awesome_print
  aws-sdk
  aws-sdk-v1
  byebug
  childprocess
  cucumber
  erubis
  fake_dynamo
  fake_sqs
  fakes3
  httparty
  influxdb (~> 0.2.3)
  json
  json_spec
  rspec
  rspec-expectations

BUNDLED WITH
   1.10.6
